GEM
  remote: http://rubygems.org/
  specs:
    psych (5.1.2)
      stringio
    rake (13.2.1)
    rake-compiler (1.2.7)
      rake
    rdoc (6.7.0)
      psych (>= 4.0.0)
    stringio (3.1.0)

PLATFORMS
  ruby
  x86_64-linux

DEPENDENCIES
  rake
  rake-compiler
  rdoc

BUNDLED WITH
   2.5.10
